GEM
  remote: http://rubygems.org/
  specs:
    activesupport (3.0.3)
    dust (0.1.6)
    extlib (0.9.15)
    ipaddress (0.7.0)
    json (1.4.6)
    mixlib-cli (1.2.0)
    mixlib-config (1.1.2)
    mixlib-log (1.2.0)
    nokogiri (1.4.4)
    ohai (0.5.8)
      extlib
      json (>= 1.4.4, <= 1.4.6)
      mixlib-cli
      mixlib-config
      mixlib-log
      systemu
    roxml (3.1.6)
      activesupport (>= 2.3.0)
      nokogiri (>= 1.3.3)
    systemu (1.2.0)

PLATFORMS
  ruby

DEPENDENCIES
  dust
  ipaddress
  ohai
  roxml
